PATH
  remote: ~/Code/storyboard
  specs:
    storyboard (0.0.1)
      highline
      micro-optparse
      prawn
      titlekit

GEM
  remote: https://rubygems.org/
  specs:
    Ascii85 (1.0.2)
    afm (0.2.0)
    bubble-wrap (1.4.0)
    hashery (2.1.1)
    highline (1.6.20)
    micro-optparse (1.2.0)
    pdf-reader (1.3.3)
      Ascii85 (~> 1.0.0)
      afm (~> 0.2.0)
      hashery (~> 2.0)
      ruby-rc4
      ttfunk
    polyglot (0.3.3)
    prawn (0.13.1)
      pdf-reader (~> 1.2)
      ruby-rc4
      ttfunk (~> 1.0.3)
    rchardet19 (1.3.5)
    ruby-rc4 (0.1.5)
    teacup (2.1.13)
    titlekit (1.2.0)
      rchardet19
      treetop
    treetop (1.4.15)
      polyglot
      polyglot (>= 0.3.1)
    ttfunk (1.0.3)

PLATFORMS
  ruby

DEPENDENCIES
  bubble-wrap
  storyboard!
  teacup
